PATH
  remote: .
  specs:
    lackie (0.1.0)
      rack (~> 1.2.1)
      rest-client (~> 1.4.2)

GEM
  remote: http://rubygems.org/
  specs:
    cgi_multipart_eof_fix (2.5.0)
    daemons (1.0.10)
    fastthread (1.0.1)
    gem_plugin (0.2.3)
    mime-types (1.16)
    mongrel (1.1.5)
      cgi_multipart_eof_fix (>= 2.4)
      daemons (>= 1.0.3)
      fastthread (>= 1.0.1)
      gem_plugin (>= 0.2.3)
    rack (1.2.1)
    relevance-rcov (0.9.2.1)
    rest-client (1.4.2)
      mime-types (>= 1.16)

PLATFORMS
  ruby

DEPENDENCIES
  bundler (~> 1.0.7)
  lackie!
  mongrel (~> 1.1.5)
  rack (~> 1.2.1)
  relevance-rcov (~> 0.9.2.1)
  rest-client (~> 1.4.2)
