PATH
  remote: .
  specs:
    lackie (0.1.1)
      json (~> 1.4.6)
      rack (~> 1.2.1)
      rest-client (~> 1.4.2)

GEM
  remote: http://rubygems.org/
  specs:
    builder (2.1.2)
    cgi_multipart_eof_fix (2.5.0)
    childprocess (0.1.6)
      ffi (~> 0.6.3)
    cucumber (0.10.0)
      builder (>= 2.1.2)
      diff-lcs (~> 1.1.2)
      gherkin (~> 2.3.2)
      json (~> 1.4.6)
      term-ansicolor (~> 1.0.5)
    daemons (1.0.10)
    diff-lcs (1.1.2)
    fastthread (1.0.1)
    ffi (0.6.3)
      rake (>= 0.8.7)
    gem_plugin (0.2.3)
    gherkin (2.3.3)
      json (~> 1.4.6)
    json (1.4.6)
    json_pure (1.4.6)
    mime-types (1.16)
    mongrel (1.1.5)
      cgi_multipart_eof_fix (>= 2.4)
      daemons (>= 1.0.3)
      fastthread (>= 1.0.1)
      gem_plugin (>= 0.2.3)
    rack (1.2.1)
    rake (0.8.7)
    rest-client (1.4.2)
      mime-types (>= 1.16)
    rspec (2.2.0)
      rspec-core (~> 2.2)
      rspec-expectations (~> 2.2)
      rspec-mocks (~> 2.2)
    rspec-core (2.3.1)
    rspec-expectations (2.3.0)
      diff-lcs (~> 1.1.2)
    rspec-mocks (2.3.0)
    rubyzip (0.9.4)
    selenium-webdriver (0.1.2)
      childprocess (~> 0.1.5)
      ffi (~> 0.6.3)
      json_pure
      rubyzip
    term-ansicolor (1.0.5)

PLATFORMS
  ruby

DEPENDENCIES
  bundler (~> 1.0.7)
  cucumber (~> 0.10.0)
  json (~> 1.4.6)
  lackie!
  mongrel (~> 1.1.5)
  rack (~> 1.2.1)
  rest-client (~> 1.4.2)
  rspec (~> 2.2.0)
  selenium-webdriver (~> 0.1.2)
